GEM
  remote: https://rubygems.org/
  specs:
    awesome_print (1.1.0)
    diff-lcs (1.2.1)
    highline (1.6.16)
    rspec (2.13.0)
      rspec-core (~> 2.13.0)
      rspec-expectations (~> 2.13.0)
      rspec-mocks (~> 2.13.0)
    rspec-core (2.13.1)
    rspec-expectations (2.13.0)
      diff-lcs (>= 1.1.3, < 2.0)
    rspec-mocks (2.13.0)
    sqlite3 (1.3.7)
    thor (0.17.0)

PLATFORMS
  ruby

DEPENDENCIES
  awesome_print
  highline
  rspec
  sqlite3
  thor
