GEM
  remote: http://rubygems.org/
  specs:
    awesome_print (1.0.2)
    highline (1.5.0)

PLATFORMS
  ruby

DEPENDENCIES
  awesome_print
  highline (= 1.5.0)
